{
  "AcquisitionDuration" : 153,
  "Columns" : 128,
  "EchoTime" : 0.012,
  "EchoTrainLength" : 1,
  "EffectiveEchoSpacing" : 0,
  "FieldOfView" : [ 220.01, 220.01, 110.4 ],
  "FlipAngle" : 45,
  "GEImageTypeRIMPCode" : 0,
  "ImageType" : "ORIGINAL/PRIMARY/OTHER",
  "ImagingFrequency" : 127.765302,
  "InplanePhaseEncodingDirection" : "COL",
  "InversionTime" : 0,
  "MRAcquisitionType" : "2D",
  "MagneticFieldStrength" : 3,
  "Manufacturer" : "GE MEDICAL SYSTEMS",
  "ManufacturersModelName" : "DISCOVERY MR750",
  "NumberOfAverages" : 1,
  "NumberOfEPIShots" : 0,
  "NumberOfEchoes" : 2,
  "NumberOfSlices" : 46,
  "ParallelImagingReductionFactors" : [ 1, 1 ],
  "PercentPhaseFieldOfView" : 100,
  "PhaseEncodingDirection" : "j",
  "PixelBandwidth" : 250,
  "PixelSpacing" : [ 1.7188, 1.7188 ],
  "ReceiveCoilName" : "8HRBRAIN",
  "RepetitionTime" : 0.85,
  "Rows" : 128,
  "SATFatWaterBone" : 1,
  "ScanOptions" : [ "FC", "SAT_GEMS", "ACC_GEMS", "FS" ],
  "ScanningSequence" : "RM",
  "SequenceVariant" : "NONE",
  "SeriesDate" : "18721229",
  "SeriesDescription" : "B0_fmap_fMRI",
  "SeriesNumber" : 6,
  "SeriesTime" : "203110",
  "SliceThickness" : 2.3,
  "SpacingBetweenSlices" : 2.4,
  "StudyTime" : "200848",
  "dummyScans" : null,
  "IntendedFor": [
    "sub-9070_ses-1_task-hands_bold.nii.gz",
    "sub-9070_ses-1_task-rest_bold.nii.gz",
    "sub-9070_ses-1_task-sleepiness_bold.nii.gz"
  ]
}

