{
  "TaskName": "Arrows",
  "AcquisitionDuration": 1215.000448,
  "Columns": 128,
  "EchoTime": 0.034,
  "EchoTrainLength": 1,
  "EffectiveEchoSpacing": 0.00056,
  "FieldOfView": [
    220.01,
    220.01,
    110.4
  ],
  "FlipAngle": 80,
  "GEImageTypeRIMPCode": 0,
  "ImageType": "ORIGINAL/PRIMARY/EPI/NONE",
  "ImagingFrequency": 127.765141,
  "InplanePhaseEncodingDirection": "COL",
  "InversionTime": 0,
  "MRAcquisitionType": "2D",
  "MagneticFieldStrength": 3,
  "Manufacturer": "GE MEDICAL SYSTEMS",
  "ManufacturersModelName": "DISCOVERY MR750",
  "NumberOfAverages": 1,
  "NumberOfEPIShots": 1,
  "NumberOfEchoes": 1,
  "NumberOfSlices": 46,
  "ParallelImagingReductionFactors": [
    0.5,
    1
  ],
  "PercentPhaseFieldOfView": 100,
  "PhaseEncodingDirection": "j",
  "PixelBandwidth": 3906.25,
  "PixelSpacing": [
    1.7188,
    1.7188
  ],
  "ReceiveCoilName": "8HRBRAIN",
  "RepetitionTime": 3,
  "Rows": 128,
  "SATFatWaterBone": 1,
  "ScanOptions": [
    "SAT_GEMS",
    "EPI_GEMS",
    "ACC_GEMS",
    "FS"
  ],
  "ScanningSequence": [
    "EP",
    "GR"
  ],
  "SequenceVariant": "SS",
  "SeriesDate": "18740330",
  "SeriesDescription": "fMRI-arrows",
  "SeriesNumber": 9,
  "SeriesTime": "185021",
  "SliceThickness": 2.3,
  "SliceTiming": [
    0,
    1.5,
    0.06522,
    1.56522,
    0.13043,
    1.63043,
    0.19565,
    1.69565,
    0.26087,
    1.76087,
    0.32609,
    1.82609,
    0.3913,
    1.8913,
    0.45652,
    1.95652,
    0.52174,
    2.02174,
    0.58696,
    2.08696,
    0.65217,
    2.15217,
    0.71739,
    2.21739,
    0.78261,
    2.28261,
    0.84783,
    2.34783,
    0.91304,
    2.41304,
    0.97826,
    2.47826,
    1.04348,
    2.54348,
    1.1087,
    2.6087,
    1.17391,
    2.67391,
    1.23913,
    2.73913,
    1.30435,
    2.80435,
    1.36957,
    2.86957,
    1.43478,
    2.93478
  ],
  "SliceTimingComputationMethod": "SliceNumber*RepetitionTime/NumberOfSlices (interleaved ascending, odd first)",
  "SpacingBetweenSlices": 2.4,
  "StudyTime": "180537",
  "dummyScans": 5,
  "TaskDescription": "In an event-related design, participants were instructed to upregulate or downregulate responses to neutral or negative stimuli. The stimulus pictures were selected from the International Affective Picture System. After each picture, participants were asked to rate how successfully they had regulated their emotional response, on a scale of 1-7. The experimental paradigm was adapted from earlier work by Armita Golkar and colleagues.",
  "CogAtlasID": "https://www.cognitiveatlas.org/concept/id/trm_557b4844ca14d/"
}
