{
  "TaskName": "Faces",
  "AcquisitionDuration": 603.000192,
  "Columns": 128,
  "EchoTime": 0.034,
  "EchoTrainLength": 1,
  "EffectiveEchoSpacing": 0.000532,
  "FieldOfView": [
    240,
    240,
    108
  ],
  "FlipAngle": 80,
  "GEImageTypeRIMPCode": 0,
  "ImageType": "ORIGINAL/PRIMARY/EPI/NONE",
  "ImagingFrequency": 127.765278,
  "InplanePhaseEncodingDirection": "COL",
  "InversionTime": 0,
  "MRAcquisitionType": "2D",
  "MagneticFieldStrength": 3,
  "Manufacturer": "GE MEDICAL SYSTEMS",
  "ManufacturersModelName": "DISCOVERY MR750",
  "NumberOfAverages": 1,
  "NumberOfEPIShots": 1,
  "NumberOfEchoes": 1,
  "NumberOfSlices": 45,
  "ParallelImagingReductionFactors": [
    0.5,
    1
  ],
  "PercentPhaseFieldOfView": 100,
  "PhaseEncodingDirection": "j",
  "PixelBandwidth": 3906.25,
  "PixelSpacing": [
    1.875,
    1.875
  ],
  "ReceiveCoilName": "8HRBRAIN",
  "RepetitionTime": 3,
  "Rows": 128,
  "SATFatWaterBone": 1,
  "ScanOptions": [
    "SAT_GEMS",
    "EPI_GEMS",
    "ACC_GEMS",
    "FS"
  ],
  "ScanningSequence": [
    "EP",
    "GR"
  ],
  "SequenceVariant": "SS",
  "SeriesDate": "18730429",
  "SeriesDescription": "fMRI-faces",
  "SeriesNumber": 7,
  "SeriesTime": "203651",
  "SliceThickness": 2.3,
  "SliceTiming": [
    0,
    1.53333,
    0.06667,
    1.6,
    0.13333,
    1.66667,
    0.2,
    1.73333,
    0.26667,
    1.8,
    0.33333,
    1.86667,
    0.4,
    1.93333,
    0.46667,
    2,
    0.53333,
    2.06667,
    0.6,
    2.13333,
    0.66667,
    2.2,
    0.73333,
    2.26667,
    0.8,
    2.33333,
    0.86667,
    2.4,
    0.93333,
    2.46667,
    1,
    2.53333,
    1.06667,
    2.6,
    1.13333,
    2.66667,
    1.2,
    2.73333,
    1.26667,
    2.8,
    1.33333,
    2.86667,
    1.4,
    2.93333,
    1.46667
  ],
  "SliceTimingComputationMethod": "SliceNumber*RepetitionTime/NumberOfSlices (interleaved ascending, odd first)",
  "SpacingBetweenSlices": 2.4,
  "StudyTime": "201431",
  "dummyScans": 5,
  "TaskDescription": "In a block design, participants were shown happy, angry, or neutral faces from the Karolinska Directed Emotional Faces (KDEF) database. Each block was 20 seconds long and contained 20 faces, each shown for 0.5 seconds. Blocks were arranged in sets of three beginning and ending with the same emotion, and with neutral in the middle (happy-neutral-happy or angry-neutral-angry). After each set of three, participants were asked to rate how happy and angry they felt on a visual analog scale of 0-100.",
  "CogAtlasID": "https://www.cognitiveatlas.org/concept/id/trm_4a3fd79d0a1b9/"
}
